GIT
  remote: https://github.com/karloscarweber/camping
  revision: 235753ee16a2f0263dee8f06b4b3d2fe518bce93
  branch: camping-3
  specs:
    camping (3.0.0)
      mab (~> 0.0, >= 0.0.3)
      rack (~> 2.0, >= 2.2.4)
      rack-session (~> 0.1, >= 0.1.0)

PATH
  remote: .
  specs:
    van (0.1.0)
      kdl (~> 1.0.3)
      sequel (~> 5.62.0)

GEM
  remote: https://rubygems.org/
  specs:
    ansi (1.5.0)
    builder (3.2.4)
    kdl (1.0.3)
      simpleidn (~> 0.2.1)
    mab (0.0.3)
    minitest (5.16.3)
    minitest-reporters (1.5.0)
      ansi
      builder
      minitest (>= 5.0)
      ruby-progressbar
    nio4r (2.5.8)
    puma (6.0.0)
      nio4r (~> 2.0)
    rack (2.2.4)
    rack-session (0.1.0)
    rack-test (2.0.2)
      rack (>= 1.3)
    rake (13.0.6)
    ruby-progressbar (1.11.0)
    sequel (5.62.0)
    simpleidn (0.2.1)
      unf (~> 0.1.4)
    sqlite3 (1.5.3-arm64-darwin)
    tilt (2.0.11)
    unf (0.1.4)
      unf_ext
    unf_ext (0.0.8.2)

PLATFORMS
  arm64-darwin-21

DEPENDENCIES
  camping!
  kdl
  minitest (~> 5.16.3)
  minitest-reporters
  puma
  rack-test
  rake (~> 13.0)
  sequel (~> 5.62.0)
  sqlite3
  tilt
  van!

BUNDLED WITH
   2.3.21
