GEM
  remote: https://rubygems.org/
  specs:
    ansi (1.5.0)
    base64 (0.2.0)
    bigdecimal (3.1.8)
    builder (3.3.0)
    camping (3.2.4)
      dry-logger (~> 1.0.4)
      kdl (~> 1.0, >= 1.0.5)
      listen (~> 3.9.0, >= 3.9.0)
      mab (~> 0.0, >= 0.0.3)
      rack (~> 3.0, >= 3.0.4.1)
      rack-session (~> 2.0, >= 2.0.0)
      rackup (~> 2.1.0)
      rake (~> 13.2.1)
      tilt (~> 2.3.0)
      zeitwerk (~> 2.6.15, >= 2.6.15)
    dry-logger (1.0.4)
    ffi (1.17.0-arm64-darwin)
    ffi (1.17.0-x86_64-darwin)
    kdl (1.0.6)
      base64 (~> 0.2.0)
      bigdecimal (~> 3.1.6)
      racc (~> 1.5)
      simpleidn (~> 0.2.1)
    listen (3.9.0)
      rb-fsevent (~> 0.10, >= 0.10.3)
      rb-inotify (~> 0.9, >= 0.9.10)
    mab (0.0.3)
    minitest (5.16.3)
    minitest-hooks (1.5.1)
      minitest (> 5.3)
    minitest-reporters (1.6.1)
      ansi
      builder
      minitest (>= 5.0)
      ruby-progressbar
    nio4r (2.7.3)
    puma (6.4.2)
      nio4r (~> 2.0)
    racc (1.8.0)
    rack (3.1.3)
    rack-session (2.0.0)
      rack (>= 3.0.0)
    rack-test (2.1.0)
      rack (>= 1.3)
    rackup (2.1.0)
      rack (>= 3)
      webrick (~> 1.8)
    rake (13.2.1)
    rb-fsevent (0.11.2)
    rb-inotify (0.11.1)
      ffi (~> 1.0)
    ruby-progressbar (1.13.0)
    sequel (5.62.0)
    simpleidn (0.2.3)
    sqlite3 (2.0.2-arm64-darwin)
    sqlite3 (2.0.2-x86_64-darwin)
    tilt (2.3.0)
    webrick (1.8.1)
    zeitwerk (2.6.15)

PLATFORMS
  arm64-darwin-21
  arm64-darwin-22
  arm64-darwin-23
  x86_64-darwin-20

DEPENDENCIES
  camping (~> 3.2)
  kdl
  minitest (~> 5.16.3)
  minitest-hooks
  minitest-reporters
  puma
  rack-test
  rake (~> 13.0)
  sequel (~> 5.62.0)
  sqlite3

BUNDLED WITH
   2.3.21
